GEM
  remote: https://rubygems.org/
  specs:
    httpclient (2.8.2.4)

PLATFORMS
  ruby

DEPENDENCIES
  httpclient
